PATH
  remote: .
  specs:
    tk-parallelcoordinates (0.1.1)

GEM
  remote: http://rubygems.org/
  specs:
    rake (0.8.7)

PLATFORMS
  ruby

DEPENDENCIES
  bundler (~> 1.3)
  rake
  tk-parallelcoordinates!
